GEM
  remote: https://rubygems.org/
  specs:
    dotenv (0.7.0)
    foreman (0.67.0)
      dotenv (~> 0.7.0)
      thor (~> 0.17.0)
    rack (1.6.13)
    rack-protection (1.5.3)
      rack
    rake (10.3.2)
    sinatra (1.4.5)
      rack (~> 1.4)
      rack-protection (~> 1.4)
      tilt (~> 1.3, >= 1.3.4)
    thor (0.17.0)
    tilt (1.4.1)

PLATFORMS
  ruby

DEPENDENCIES
  foreman
  rake
  sinatra
